GEM
  remote: https://rubygems.org/
  specs:
    formatador (0.2.5)
    htmlentities (4.3.3)
    mini_portile (0.6.2)
    nokogiri (1.6.6.2-x86-mingw32)
      mini_portile (~> 0.6.0)
    sqlite3 (1.3.10-x86-mingw32)

PLATFORMS
  x86-mingw32

DEPENDENCIES
  formatador
  htmlentities
  nokogiri
  sqlite3
